GEM
  remote: https://rubygems.org/
  specs:
    archive-zip (0.12.0)
      io-like (~> 0.3.0)
    childprocess (4.1.0)
    geckodriver-helper (0.0.5)
      archive-zip (~> 0.7)
    io-like (0.3.1)
    nokogiri (1.12.5-x86_64-linux)
      racc (~> 1.4)
    racc (1.6.0)
    regexp_parser (2.1.1)
    rexml (3.2.5)
    rubyzip (2.3.2)
    selenium-webdriver (4.1.0)
      childprocess (>= 0.5, < 5.0)
      rexml (~> 3.2, >= 3.2.5)
      rubyzip (>= 1.2.2)
    watir (6.19.1)
      regexp_parser (>= 1.2, < 3)
      selenium-webdriver (>= 3.142.7)
    webdrivers (4.7.0)
      nokogiri (~> 1.6)
      rubyzip (>= 1.3.0)
      selenium-webdriver (> 3.141, < 5.0)

PLATFORMS
  ruby
  x86_64-linux

DEPENDENCIES
  geckodriver-helper (~> 0.0.3)
  nokogiri (~> 1.11, >= 1.11.7)
  watir (~> 6.19, >= 6.19.1)
  webdrivers (~> 4.6)

BUNDLED WITH
   2.2.32
